GEM
  remote: https://rubygems.org/
  specs:
    bindata (2.1.0)
    configatron (3.2.0)
    json (1.8.1)
    lifx (0.4.11)
      bindata (~> 2.0)
      configatron (~> 3.0)
      timers (~> 1.0)
    rack (1.6.0)
    rack-protection (1.5.3)
      rack
    sinatra (1.4.6)
      rack (~> 1.4)
      rack-protection (~> 1.4)
      tilt (>= 1.3, < 3)
    tilt (2.0.1)
    timers (1.1.0)

PLATFORMS
  ruby

DEPENDENCIES
  json (= 1.8.1)
  lifx (= 0.4.11)
  sinatra (= 1.4.6)
